GIT
  remote: git://github.com/ivanvanderbyl/moqueue.git
  revision: cf2108e3bee7730a6a57e0a95a4c17082c2b2603
  specs:
    moqueue (0.1.4)
      amqp

GEM
  remote: http://rubygems.org/
  specs:
    activesupport (3.0.7)
    amq-client (0.8.5)
      amq-protocol (>= 0.8.0)
      eventmachine
    amq-protocol (0.8.3)
    amqp (0.8.2)
      amq-client (~> 0.8.5)
      amq-protocol (~> 0.8.3)
      eventmachine
    diff-lcs (1.1.2)
    eventmachine (0.12.10)
    git (1.2.5)
    hashie (1.0.0)
    i18n (0.5.0)
    jeweler (1.6.4)
      bundler (~> 1.0)
      git (>= 1.2.5)
      rake
    json (1.4.6)
    macaddr (1.0.0)
    mocha (0.9.12)
    rake (0.8.7)
    rcov (0.9.9)
    reek (1.2.8)
      ruby2ruby (~> 1.2)
      ruby_parser (~> 2.0)
      sexp_processor (~> 3.0)
    roodi (2.1.0)
      ruby_parser
    rspec (2.3.0)
      rspec-core (~> 2.3.0)
      rspec-expectations (~> 2.3.0)
      rspec-mocks (~> 2.3.0)
    rspec-core (2.3.1)
    rspec-expectations (2.3.0)
      diff-lcs (~> 1.1.2)
    rspec-mocks (2.3.0)
    ruby2ruby (1.2.5)
      ruby_parser (~> 2.0)
      sexp_processor (~> 3.0)
    ruby_parser (2.0.6)
      sexp_processor (~> 3.0)
    sexp_processor (3.0.5)
    uuid (2.3.2)
      macaddr (~> 1.0)

PLATFORMS
  ruby

DEPENDENCIES
  activesupport (~> 3.0.3)
  amqp (~> 0.8.1)
  bundler (~> 1.0.0)
  hashie
  i18n
  jeweler (~> 1.6.4)
  json (~> 1.4.6)
  mocha
  moqueue!
  rake (~> 0.8.7)
  rcov
  reek (~> 1.2.8)
  roodi (~> 2.1.0)
  rspec (~> 2.3.0)
  uuid
